GEM
  remote: https://rubygems.org/
  specs:
    json (1.8.1)
    pg (0.18.3)
    rack (1.6.4)
    rack-protection (1.5.3)
      rack
    sequel (4.27.0)
    sequel_pg (1.6.13)
      pg (>= 0.8.0)
      sequel (>= 3.39.0)
    sinatra (1.4.6)
      rack (~> 1.4)
      rack-protection (~> 1.4)
      tilt (>= 1.3, < 3)
    tilt (2.0.1)

PLATFORMS
  ruby

DEPENDENCIES
  json
  sequel
  sequel_pg
  sinatra

BUNDLED WITH
   1.10.6
